GEM
  remote: https://rubygems.org/
  specs:
    byebug (8.2.0)
    colorize (0.7.7)
    rack (1.6.4)
    rack-flash-session (1.0.2)
      rack (>= 1.0)
    rack-protection (1.5.3)
      rack
    sinatra (1.4.6)
      rack (~> 1.4)
      rack-protection (~> 1.4)
      tilt (>= 1.3, < 3)
    tilt (2.0.1)

PLATFORMS
  ruby

DEPENDENCIES
  byebug
  colorize
  rack-flash-session
  sinatra

BUNDLED WITH
   1.10.6
